PATH
  remote: .
  specs:
    scat (0.0.1)

GEM
  remote: https://rubygems.org/
  specs:
    coderay (1.1.2)
    method_source (0.9.2)
    minitest (5.11.3)
    minitest-focus (1.1.2)
      minitest (>= 4, < 6)
    pry (0.12.2)
      coderay (~> 1.1.0)
      method_source (~> 0.9.0)
    pry-nav (0.3.0)
      pry (>= 0.9.10, < 0.13.0)
    rake (12.3.3)

PLATFORMS
  ruby

DEPENDENCIES
  bundler
  minitest
  minitest-focus
  pry-nav
  rake
  scat!

BUNDLED WITH
   2.0.1
